GEM
  remote: https://rubygems.org/
  specs:
    activesupport (4.2.11.3)
      i18n (~> 0.7)
      minitest (~> 5.1)
      thread_safe (~> 0.3, >= 0.3.4)
      tzinfo (~> 1.1)
    backports (3.6.0)
    concurrent-ruby (1.1.9)
    i18n (0.9.5)
      concurrent-ruby (~> 1.0)
    jbuilder (2.0.2)
      activesupport (>= 3.0.0)
      multi_json (>= 1.2.0)
    kgio (2.9.2)
    minitest (5.12.0)
    multi_json (1.15.0)
    mysql2 (0.3.15)
    rack (1.6.13)
    rack-protection (1.5.5)
      rack
    rack-test (0.6.2)
      rack (>= 1.0)
    raindrops (0.13.0)
    shotgun (0.9)
      rack (>= 1.0)
    sinatra (2.2.0)
      rack (>= 1.4)
      rack-protection (>= 1.4)
      tilt (~> 1.3, >= 1.3.4)
    sinatra-contrib (2.2.0)
      backports (>= 2.0)
      multi_json
      rack-protection
      rack-test
      sinatra (~> 2.2.0)
      tilt (~> 1.3)
    thread_safe (0.3.6)
    tilt (1.4.1)
    tzinfo (1.2.9)
      thread_safe (~> 0.1)
    unicorn (4.8.2)
      kgio (~> 2.6)
      rack
      raindrops (~> 0.7)

PLATFORMS
  ruby

DEPENDENCIES
  jbuilder
  mysql2
  shotgun
  sinatra
  sinatra-contrib
  unicorn
